GIT
  remote: https://github.com/modelcontextprotocol/ruby-sdk.git
  revision: 6b49222edb8709821a58bbe39cb85fd5409882eb
  branch: main
  specs:
    model_context_protocol (0.7.0)
      json_rpc_handler (~> 0.1)

PATH
  remote: .
  specs:
    marisa (0.1.0)
      model_context_protocol (~> 0.7)

GEM
  remote: https://rubygems.org/
  specs:
    ansi (1.5.0)
    builder (3.3.0)
    date (3.4.1)
    io-console (0.8.0)
    irb (1.15.2)
      pp (>= 0.6.0)
      rdoc (>= 4.0.0)
      reline (>= 0.4.2)
    json_rpc_handler (0.1.1)
    minitest (5.25.5)
    minitest-reporters (1.7.1)
      ansi
      builder
      minitest (>= 5.0)
      ruby-progressbar
    pp (0.6.2)
      prettyprint
    prettyprint (0.2.0)
    psych (5.2.6)
      date
      stringio
    rake (13.2.1)
    rdoc (6.13.1)
      psych (>= 4.0.0)
    reline (0.6.1)
      io-console (~> 0.5)
    ruby-progressbar (1.13.0)
    stringio (3.1.7)

PLATFORMS
  arm64-darwin-24
  ruby

DEPENDENCIES
  irb
  marisa!
  minitest (~> 5.20)
  minitest-reporters (~> 1.6)
  model_context_protocol!
  rake (~> 13.0)

BUNDLED WITH
   2.6.7
